PATH
  remote: .
  specs:
    wanda (0.0.2.beta)
      rails5-spec-converter (>= 2.0.0)
      rubocop-rspec (>= 1.28.0)
      thor (>= 1.0.0)

GEM
  remote: https://rubygems.org/
  specs:
    ast (2.4.2)
    astrolabe (1.3.1)
      parser (~> 2.2)
    minitest (5.14.4)
    parallel (1.20.1)
    parser (2.7.2.0)
      ast (~> 2.4.1)
    rails5-spec-converter (2.0.0)
      astrolabe (~> 1.2)
      parser (>= 2.3.0.7)
    rainbow (3.0.0)
    rake (12.3.3)
    regexp_parser (2.1.1)
    rexml (3.2.5)
    rubocop (1.7.0)
      parallel (~> 1.10)
      parser (>= 2.7.1.5)
      rainbow (>= 2.2.2, < 4.0)
      regexp_parser (>= 1.8, < 3.0)
      rexml
      rubocop-ast (>= 1.2.0, < 2.0)
      ruby-progressbar (~> 1.7)
      unicode-display_width (>= 1.4.0, < 2.0)
    rubocop-ast (1.4.1)
      parser (>= 2.7.1.5)
    rubocop-rspec (2.3.0)
      rubocop (~> 1.0)
      rubocop-ast (>= 1.1.0)
    ruby-progressbar (1.11.0)
    thor (1.1.0)
    unicode-display_width (1.7.0)

PLATFORMS
  ruby

DEPENDENCIES
  minitest (~> 5.0)
  rake (~> 12.0)
  wanda!

BUNDLED WITH
   2.1.4
